GEM
  remote: https://rubygems.org/
  specs:
    activemodel (6.1.1)
      activesupport (= 6.1.1)
    activerecord (6.1.1)
      activemodel (= 6.1.1)
      activesupport (= 6.1.1)
    activesupport (6.1.1)
      concurrent-ruby (~> 1.0, >= 1.0.2)
      i18n (>= 1.6, < 2)
      minitest (>= 5.1)
      tzinfo (~> 2.0)
      zeitwerk (~> 2.3)
    coderay (1.1.3)
    concurrent-ruby (1.1.7)
    graphql (1.8.18)
    i18n (1.8.7)
      concurrent-ruby (~> 1.0)
    method_source (1.0.0)
    minitest (5.14.3)
    multi_json (1.15.0)
    mustermann (3.0.0)
      ruby2_keywords (~> 0.0.1)
    nio4r (2.5.4)
    pry (0.13.1)
      coderay (~> 1.1)
      method_source (~> 1.0)
    puma (5.1.1)
      nio4r (~> 2.0)
    rack (2.2.4)
    rack-contrib (2.3.0)
      rack (~> 2.0)
    rack-protection (3.0.4)
      rack
    rake (13.0.3)
    ruby2_keywords (0.0.5)
    sinatra (3.0.4)
      mustermann (~> 3.0)
      rack (~> 2.2, >= 2.2.4)
      rack-protection (= 3.0.4)
      tilt (~> 2.0)
    sinatra-activerecord (2.0.21)
      activerecord (>= 4.1)
      sinatra (>= 1.0)
    sinatra-contrib (3.0.4)
      multi_json
      mustermann (~> 3.0)
      rack-protection (= 3.0.4)
      sinatra (= 3.0.4)
      tilt (~> 2.0)
    sqlite3 (1.4.2)
    tilt (2.0.11)
    tzinfo (2.0.4)
      concurrent-ruby (~> 1.0)
    zeitwerk (2.4.2)

PLATFORMS
  ruby

DEPENDENCIES
  graphql (~> 1.8.0)
  pry
  puma
  rack-contrib
  rake
  sinatra (~> 3.0.4)
  sinatra-activerecord
  sinatra-contrib (~> 3.0.4)
  sqlite3

BUNDLED WITH
   1.17.2
